PATH
  remote: .
  specs:
    quince (0.4.1)
      oj (~> 3.13)
      typed_struct (>= 0.1.4)

GEM
  remote: https://rubygems.org/
  specs:
    diff-lcs (1.4.4)
    oj (3.13.7)
    rake (13.0.6)
    rbs (1.6.2)
    rspec (3.10.0)
      rspec-core (~> 3.10.0)
      rspec-expectations (~> 3.10.0)
      rspec-mocks (~> 3.10.0)
    rspec-core (3.10.1)
      rspec-support (~> 3.10.0)
    rspec-expectations (3.10.1)
      diff-lcs (>= 1.2.0, < 2.0)
      rspec-support (~> 3.10.0)
    rspec-mocks (3.10.2)
      diff-lcs (>= 1.2.0, < 2.0)
      rspec-support (~> 3.10.0)
    rspec-support (3.10.2)
    typed_struct (0.1.4)
      rbs (~> 1.0)

PLATFORMS
  ruby

DEPENDENCIES
  quince!
  rake (~> 13.0)
  rspec (~> 3.0)

BUNDLED WITH
   2.1.4
